GEM
  remote: https://rubygems.org/
  specs:
    addressable (2.7.0)
      public_suffix (>= 2.0.2, < 5.0)
    certstore_c (0.1.6)
    concurrent-ruby (1.1.5)
    cool.io (1.5.4-x64-mingw32)
    dig_rb (1.0.1)
    digest-crc (0.4.1)
    domain_name (0.5.20190701)
      unf (>= 0.0.5, < 1.0.0)
    elasticsearch (7.4.0)
      elasticsearch-api (= 7.4.0)
      elasticsearch-transport (= 7.4.0)
    elasticsearch-api (7.4.0)
      multi_json
    elasticsearch-transport (7.4.0)
      faraday
      multi_json
    excon (0.71.1)
    faraday (0.17.1)
      multipart-post (>= 1.2, < 3)
    ffi (1.11.3-x64-mingw32)
    ffi-compiler (1.0.1)
      ffi (>= 1.0.0)
      rake
    ffi-win32-extensions (1.0.3)
      ffi
    fluent-config-regexp-type (1.0.0)
      fluentd (> 1.0.0, < 2)
    fluent-plugin-concat (2.4.0)
      fluentd (>= 0.14.0, < 2)
    fluent-plugin-elasticsearch (3.8.0)
      elasticsearch
      excon
      fluentd (>= 0.14.22)
    fluent-plugin-kafka (0.12.1)
      fluentd (>= 0.10.58, < 2)
      ltsv
      ruby-kafka (>= 0.7.8, < 0.8.0)
    fluent-plugin-kubernetes_metadata_filter (2.4.1)
      fluentd (>= 0.14.0, < 2)
      kubeclient (< 5)
      lru_redux
    fluent-plugin-multi-format-parser (1.0.0)
      fluentd (>= 0.14.0, < 2)
    fluent-plugin-prometheus (1.7.0)
      fluentd (>= 0.14.20, < 2)
      prometheus-client (< 0.10)
    fluent-plugin-remote_syslog_tls (1.0.2)
      fluentd
      remote_syslog_sender_tls (>= 1.2.5)
    fluent-plugin-rewrite-tag-filter (2.2.0)
      fluent-config-regexp-type
      fluentd (>= 0.14.2, < 2)
    fluent-plugin-splunk-enterprise (0.10.0)
      fluentd (>= 0.12.0)
      httpclient
      json
    fluentd (1.8.0-x64-mingw32)
      certstore_c (~> 0.1.2)
      cool.io (>= 1.4.5, < 2.0.0)
      dig_rb (~> 1.0.0)
      http_parser.rb (>= 0.5.1, < 0.7.0)
      msgpack (>= 1.2.0, < 2.0.0)
      serverengine (>= 2.0.4, < 3.0.0)
      sigdump (~> 0.2.2)
      strptime (>= 0.2.2, < 1.0.0)
      tzinfo (>= 1.0, < 3.0)
      tzinfo-data (~> 1.0)
      win32-event (~> 0.6.1)
      win32-ipc (~> 0.6.1)
      win32-service (~> 0.8.3)
      windows-pr (~> 1.2.5)
      yajl-ruby (~> 1.0)
    http (4.2.0)
      addressable (~> 2.3)
      http-cookie (~> 1.0)
      http-form_data (~> 2.0)
      http-parser (~> 1.2.0)
    http-accept (1.7.0)
    http-cookie (1.0.3)
      domain_name (~> 0.5)
    http-form_data (2.1.1)
    http-parser (1.2.1)
      ffi-compiler (>= 1.0, < 2.0)
    http_parser.rb (0.6.0)
    httpclient (2.8.3)
    json (2.3.0)
    kubeclient (4.5.0)
      http (>= 3.0, < 5.0)
      recursive-open-struct (~> 1.0, >= 1.0.4)
      rest-client (~> 2.0)
    lru_redux (1.1.0)
    ltsv (0.1.2)
    mime-types (3.3)
      mime-types-data (~> 3.2015)
    mime-types-data (3.2019.1009)
    msgpack (1.3.1-x64-mingw32)
    multi_json (1.14.1)
    multipart-post (2.1.1)
    netrc (0.11.0)
    oj (3.10.0)
    prometheus-client (0.9.0)
      quantile (~> 0.2.1)
    public_suffix (4.0.1)
    quantile (0.2.1)
    rake (13.0.1)
    recursive-open-struct (1.1.0)
    remote_syslog_sender_tls (1.2.5)
      syslog_protocol
    rest-client (2.1.0-x64-mingw32)
      ffi (~> 1.9)
      http-accept (>= 1.7.0, < 2.0)
      http-cookie (>= 1.0.2, < 2.0)
      mime-types (>= 1.16, < 4.0)
      netrc (~> 0.8)
    ruby-kafka (0.7.10)
      digest-crc
    serverengine (2.2.0)
      sigdump (~> 0.2.2)
    sigdump (0.2.4)
    strptime (0.2.3)
    syslog_protocol (0.9.2)
    tzinfo (2.0.1)
      concurrent-ruby (~> 1.0)
    tzinfo-data (1.2019.3)
      tzinfo (>= 1.0.0)
    unf (0.1.4)
      unf_ext
    unf_ext (0.0.7.6)
    win32-api (1.8.0-universal-mingw32)
    win32-event (0.6.3)
      win32-ipc (>= 0.6.0)
    win32-ipc (0.6.6)
      ffi
    win32-service (0.8.10)
      ffi
      ffi-win32-extensions
    windows-api (0.4.4)
      win32-api (>= 1.4.5)
    windows-pr (1.2.6)
      win32-api (>= 1.4.5)
      windows-api (>= 0.4.0)
    yajl-ruby (1.4.1)

PLATFORMS
  x64-mingw32

DEPENDENCIES
  cool.io
  fluent-plugin-concat
  fluent-plugin-elasticsearch
  fluent-plugin-kafka
  fluent-plugin-kubernetes_metadata_filter
  fluent-plugin-multi-format-parser
  fluent-plugin-prometheus
  fluent-plugin-remote_syslog_tls
  fluent-plugin-rewrite-tag-filter
  fluent-plugin-splunk-enterprise
  fluentd
  json
  oj
  win32-event
  win32-ipc
  win32-service
  windows-pr

BUNDLED WITH
   2.1.2